GEM
  remote: https://rubygems.org/
  specs:
    diff-lcs (1.1.3)
    json (1.8.1)
    mcollective (2.2.3)
      json
      stomp
      systemu
    mcollective-test (0.4.3)
    metaclass (0.0.1)
    mocha (0.10.5)
      metaclass (~> 0.0.1)
    rake (10.1.0)
    rspec (2.11.0)
      rspec-core (~> 2.11.0)
      rspec-expectations (~> 2.11.0)
      rspec-mocks (~> 2.11.0)
    rspec-core (2.11.1)
    rspec-expectations (2.11.3)
      diff-lcs (~> 1.1.3)
    rspec-mocks (2.11.3)
    stomp (1.3.2)
    systemu (2.5.2)

PLATFORMS
  ruby

DEPENDENCIES
  mcollective
  mcollective-test (~> 0.4.3)
  mocha (~> 0.10.5)
  rake
  rspec (~> 2.11.0)
